GEM
  remote: http://rubygems.org/
  specs:
    arrayfields (4.9.2)
    atk (3.1.8)
      glib2 (= 3.1.8)
    byebug (9.0.6)
    cairo (1.15.9)
      native-package-installer (>= 1.0.3)
      pkg-config (>= 1.2.2)
    cairo-gobject (3.1.8)
      cairo
      glib2 (= 3.1.8)
    chronic (0.10.2)
    fattr (2.3.0)
    gdk3 (3.1.8)
      cairo-gobject (= 3.1.8)
      gdk_pixbuf2 (= 3.1.8)
      gobject-introspection (= 3.1.8)
      pango (= 3.1.8)
    gdk_pixbuf2 (3.1.8)
      gio2 (= 3.1.8)
    gio2 (3.1.8)
      glib2 (= 3.1.8)
      gobject-introspection (= 3.1.8)
    glib2 (3.1.8)
      native-package-installer (>= 1.0.3)
      pkg-config (>= 1.2.2)
    gobject-introspection (3.1.8)
      glib2 (= 3.1.8)
    gtk3 (3.1.8)
      atk (= 3.1.8)
      gdk3 (= 3.1.8)
      gdk_pixbuf2 (= 3.1.8)
      gio2 (= 3.1.8)
      glib2 (= 3.1.8)
      gobject-introspection (= 3.1.8)
      pango (= 3.1.8)
    handshake (0.3.1)
    main (6.2.2)
      arrayfields (~> 4.7, >= 4.7.4)
      chronic (~> 0.6, >= 0.6.2)
      fattr (~> 2.2, >= 2.2.0)
      map (~> 6.1, >= 6.1.0)
    map (6.6.0)
    mimemagic (0.3.2)
    mini_exiftool (2.8.0)
    native-package-installer (1.0.4)
    pango (3.1.8)
      cairo (>= 1.14.0)
      cairo-gobject (= 3.1.8)
      gobject-introspection (= 3.1.8)
    pkg-config (1.2.3)
    power_assert (1.0.2)
    rmagick (2.16.0)
    sequel (4.48.0)
    sqlite3 (1.3.13)
    test-unit (3.2.5)
      power_assert

PLATFORMS
  ruby

DEPENDENCIES
  byebug
  gtk3
  handshake
  main
  mimemagic
  mini_exiftool
  rmagick
  sequel
  sqlite3
  test-unit

BUNDLED WITH
   1.15.3
