GEM
  remote: http://rubygems.org/
  specs:
    arrayfields (4.9.2)
    atk (3.4.9)
      glib2 (= 3.4.9)
    byebug (11.1.3)
    cairo (1.17.5)
      native-package-installer (>= 1.0.3)
      pkg-config (>= 1.2.2)
      red-colors
    cairo-gobject (3.4.9)
      cairo (>= 1.16.2)
      glib2 (= 3.4.9)
    chronic (0.10.2)
    fattr (2.4.0)
    gdk3 (3.4.9)
      cairo-gobject (= 3.4.9)
      gdk_pixbuf2 (= 3.4.9)
      pango (= 3.4.9)
    gdk_pixbuf2 (3.4.9)
      gio2 (= 3.4.9)
    gio2 (3.4.9)
      gobject-introspection (= 3.4.9)
    glib2 (3.4.9)
      native-package-installer (>= 1.0.3)
      pkg-config (>= 1.3.5)
    gobject-introspection (3.4.9)
      glib2 (= 3.4.9)
    gtk3 (3.4.9)
      atk (= 3.4.9)
      gdk3 (= 3.4.9)
      gdk_pixbuf2 (= 3.4.9)
      gio2 (= 3.4.9)
      pango (= 3.4.9)
    handshake (0.3.1)
    main (6.2.3)
      arrayfields (~> 4.7, >= 4.7.4)
      chronic (~> 0.6, >= 0.6.2)
      fattr (~> 2.2, >= 2.2.0)
      map (~> 6.1, >= 6.1.0)
    map (6.6.0)
    matrix (0.4.2)
    mimemagic (0.4.3)
      nokogiri (~> 1)
      rake
    mini_exiftool (2.10.2)
    native-package-installer (1.1.1)
    nokogiri (1.12.3-x86_64-linux)
      racc (~> 1.4)
    pango (3.4.9)
      cairo-gobject (= 3.4.9)
      gobject-introspection (= 3.4.9)
    pkg-config (1.4.6)
    power_assert (2.0.0)
    racc (1.5.2)
    rake (13.0.6)
    red-colors (0.3.0)
      matrix
    rmagick (4.2.2)
    sequel (5.47.0)
    sqlite3 (1.4.2)
    test-unit (3.4.4)
      power_assert

PLATFORMS
  x86_64-linux

DEPENDENCIES
  byebug
  gtk3
  handshake
  main
  mimemagic
  mini_exiftool
  rmagick
  sequel
  sqlite3
  test-unit

BUNDLED WITH
   2.2.3
